PATH
  remote: .
  specs:
    rbs_protobuf (0.1.0)

GEM
  remote: https://rubygems.org/
  specs:
    minitest (5.14.1)
    rake (12.3.3)

PLATFORMS
  ruby

DEPENDENCIES
  minitest (~> 5.0)
  rake (~> 12.0)
  rbs_protobuf!

BUNDLED WITH
   2.1.4
