PATH
  remote: ../rbs
  specs:
    rbs (0.4.0)

PATH
  remote: .
  specs:
    rbs_protobuf (0.1.0)
      google-protobuf (~> 3.12)
      rbs (~> 0.4.0)

GEM
  remote: https://rubygems.org/
  specs:
    google-protobuf (3.12.2)
    minitest (5.14.1)
    rake (12.3.3)

PLATFORMS
  ruby

DEPENDENCIES
  minitest (~> 5.0)
  rake (~> 12.0)
  rbs!
  rbs_protobuf!

BUNDLED WITH
   2.1.4
