PATH
  remote: .
  specs:
    rbs_protobuf (0.1.0)
      activesupport (>= 4.0)
      protobuf (~> 3.10.3)
      rbs (~> 0.5.0)

GEM
  remote: https://rubygems.org/
  specs:
    activesupport (6.0.3.2)
      concurrent-ruby (~> 1.0, >= 1.0.2)
      i18n (>= 0.7, < 2)
      minitest (~> 5.1)
      tzinfo (~> 1.1)
      zeitwerk (~> 2.2, >= 2.2.2)
    concurrent-ruby (1.1.6)
    google-protobuf (3.12.2)
    i18n (1.8.3)
      concurrent-ruby (~> 1.0)
    middleware (0.1.0)
    minitest (5.14.1)
    protobuf (3.10.3)
      activesupport (>= 3.2)
      middleware
      thor
      thread_safe
    rake (12.3.3)
    rbs (0.5.0)
    thor (1.0.1)
    thread_safe (0.3.6)
    tzinfo (1.2.7)
      thread_safe (~> 0.1)
    zeitwerk (2.3.1)

PLATFORMS
  ruby

DEPENDENCIES
  google-protobuf
  minitest (~> 5.0)
  rake (~> 12.0)
  rbs_protobuf!

BUNDLED WITH
   2.1.4
